PATH
  remote: .
  specs:
    image_zoomer (0.0.1)

GEM
  remote: https://rubygems.org/
  specs:
    rake (10.1.0)

PLATFORMS
  ruby

DEPENDENCIES
  bundler (~> 1.6)
  image_zoomer!
  rake
